PATH
  remote: .
  specs:
    cw_parser (0.0.2)
      cw_parser

GEM
  remote: http://rubygems.org/
  specs:
    git (1.2.5)
    jeweler (1.8.4)
      bundler (~> 1.0)
      git (>= 1.2.5)
      rake
      rdoc
    json (1.7.5)
    rake (10.0.1)
    rdoc (3.12)
      json (~> 1.4)

PLATFORMS
  ruby

DEPENDENCIES
  bundler (~> 1.2.1)
  cw_parser!
  jeweler (~> 1.8.4)
  rdoc (~> 3.12)
